GEM
  remote: https://rubygems.org/
  specs:
    haml (3.1.7)
    maruku (0.6.0)
      syntax (>= 1.0.0)
    nokogiri (1.5.5)
    rack (1.6.11)
    rack-protection (1.2.0)
      rack
    sanitize (2.0.3)
      nokogiri (>= 1.4.4, < 1.6)
    sass (3.2.1)
    sinatra (1.3.3)
      rack (~> 1.3, >= 1.3.6)
      rack-protection (~> 1.2)
      tilt (~> 1.3, >= 1.3.3)
    syntax (1.0.0)
    tilt (1.3.3)

PLATFORMS
  ruby

DEPENDENCIES
  haml
  maruku
  sanitize
  sass
  sinatra
