GEM
  remote: https://rubygems.org/
  specs:
    haml (3.1.7)
    maruku (0.6.0)
      syntax (>= 1.0.0)
    mustermann (2.0.2)
      ruby2_keywords (~> 0.0.1)
    nokogiri (1.5.5)
    rack (2.2.4)
    rack-protection (2.2.3)
      rack
    ruby2_keywords (0.0.5)
    sanitize (2.0.3)
      nokogiri (>= 1.4.4, < 1.6)
    sass (3.2.1)
    sinatra (2.2.3)
      mustermann (~> 2.0)
      rack (~> 2.2)
      rack-protection (= 2.2.3)
      tilt (~> 2.0)
    syntax (1.0.0)
    tilt (2.0.11)

PLATFORMS
  ruby

DEPENDENCIES
  haml
  maruku
  sanitize
  sass
  sinatra
