GEM
  remote: https://rubygems.org/
  specs:
    crass (1.0.5)
    haml (3.1.7)
    maruku (0.6.0)
      syntax (>= 1.0.0)
    mini_portile2 (2.4.0)
    nokogiri (1.10.5)
      mini_portile2 (~> 2.4.0)
    nokogumbo (1.5.0)
      nokogiri
    rack (1.4.1)
    rack-protection (1.2.0)
      rack
    sanitize (4.6.3)
      crass (~> 1.0.2)
      nokogiri (>= 1.4.4)
      nokogumbo (~> 1.4)
    sass (3.2.1)
    sinatra (1.3.3)
      rack (~> 1.3, >= 1.3.6)
      rack-protection (~> 1.2)
      tilt (~> 1.3, >= 1.3.3)
    syntax (1.0.0)
    tilt (1.3.3)

PLATFORMS
  ruby

DEPENDENCIES
  haml
  maruku
  sanitize
  sass
  sinatra
